GEM
  remote: http://rubygems.org/
  specs:
    abstract (1.0.0)
    actionmailer (3.0.5)
      actionpack (= 3.0.5)
      mail (~> 2.2.15)
    actionpack (3.0.5)
      activemodel (= 3.0.5)
      activesupport (= 3.0.5)
      builder (~> 2.1.2)
      erubis (~> 2.6.6)
      i18n (~> 0.4)
      rack (~> 1.2.1)
      rack-mount (~> 0.6.13)
      rack-test (~> 0.5.7)
      tzinfo (~> 0.3.23)
    activemodel (3.0.5)
      activesupport (= 3.0.5)
      builder (~> 2.1.2)
      i18n (~> 0.4)
    activerecord (3.0.5)
      activemodel (= 3.0.5)
      activesupport (= 3.0.5)
      arel (~> 2.0.2)
      tzinfo (~> 0.3.23)
    activeresource (3.0.5)
      activemodel (= 3.0.5)
      activesupport (= 3.0.5)
    activesupport (3.0.5)
    arel (2.0.10)
    authlogic (2.1.6)
      activesupport
    builder (2.1.2)
    cocaine (0.1.0)
    erubis (2.6.6)
      abstract (>= 1.0.0)
    fastercsv (1.5.4)
    i18n (0.6.0)
    jquery-rails (1.0.13)
      railties (~> 3.0)
      thor (~> 0.14)
    mail (2.2.15)
      activesupport (>= 2.3.6)
      i18n (>= 0.4.0)
      mime-types (~> 1.16)
      treetop (~> 1.4.8)
    mime-types (1.16)
    mysql2 (0.2.7)
    nifty-generators (0.4.6)
    paperclip (2.3.16)
      activerecord (>= 2.3.0)
      activesupport (>= 2.3.2)
      cocaine (>= 0.0.2)
      mime-types
    pdfkit (0.4.6)
    polyglot (0.3.2)
    rack (1.2.3)
    rack-mount (0.6.14)
      rack (>= 1.0.0)
    rack-test (0.5.7)
      rack (>= 1.0)
    rails (3.0.5)
      actionmailer (= 3.0.5)
      actionpack (= 3.0.5)
      activerecord (= 3.0.5)
      activeresource (= 3.0.5)
      activesupport (= 3.0.5)
      bundler (~> 1.0)
      railties (= 3.0.5)
    rails3-generators (0.17.4)
      railties (>= 3.0.0)
    railties (3.0.5)
      actionpack (= 3.0.5)
      activesupport (= 3.0.5)
      rake (>= 0.8.7)
      thor (~> 0.14.4)
    rake (0.9.2)
    riddle (1.4.0)
    ruby-ole (1.2.11.1)
    spreadsheet (0.6.5.7)
      ruby-ole (>= 1.0)
    tabs_on_rails (2.0.2)
    thinking-sphinx (2.0.0)
      activerecord (>= 3.0.0)
      riddle (>= 1.2.0)
    thor (0.14.6)
    to_xls (1.0.0)
      spreadsheet (> 0)
      spreadsheet
    treetop (1.4.10)
      polyglot
      polyglot (>= 0.3.1)
    tzinfo (0.3.29)
    will_paginate (3.0.pre2)
    wkhtmltopdf-binary (0.9.5.3)

PLATFORMS
  ruby

DEPENDENCIES
  authlogic
  fastercsv
  jquery-rails (>= 0.2.6)
  mail (= 2.2.15)
  mysql2 (= 0.2.7)
  nifty-generators
  paperclip (~> 2.3)
  pdfkit (~> 0.4.6)
  rails (= 3.0.5)
  rails3-generators
  tabs_on_rails
  thinking-sphinx (= 2.0.0)
  to_xls
  will_paginate (= 3.0.pre2)
  wkhtmltopdf-binary
